GEM
  remote: http://rubygems.org/
  specs:
    CFPropertyList (2.2.4)
    awesome_print (1.2.0)
    axiom-types (0.0.5)
      descendants_tracker (~> 0.0.1)
      ice_nine (~> 0.9)
    blankslate (2.1.2.4)
    builder (3.2.2)
    calabash-android (0.4.18)
      awesome_print
      cucumber
      escape (~> 0.0.4)
      httpclient (~> 2.3.2)
      json
      retriable (~> 1.3.3.1)
      rubyzip (~> 0.9.9)
      slowhandcuke
      xamarin-test-cloud (>= 0.9.23)
    calabash-common (0.0.1)
      cucumber (~> 1.3.0)
    calabash-cucumber (0.9.165)
      CFPropertyList
      awesome_print
      bundler (~> 1.1)
      calabash-common (~> 0.0.1)
      cucumber (~> 1.3.0)
      edn
      geocoder (~> 1.1.8)
      httpclient (~> 2.3.3)
      json
      run_loop (~> 0.1.1)
      sim_launcher (= 0.4.6)
      slowhandcuke
      xamarin-test-cloud (~> 0.9.27)
    coderay (1.1.0)
    coercible (1.0.0)
      descendants_tracker (~> 0.0.1)
    cucumber (1.3.6)
      builder (>= 2.1.2)
      diff-lcs (>= 1.1.3)
      gherkin (~> 2.12.0)
      multi_json (~> 1.7.5)
      multi_test (>= 0.0.2)
    descendants_tracker (0.0.3)
    diff-lcs (1.2.4)
    edn (1.0.2)
      parslet (~> 1.4.0)
    equalizer (0.0.9)
    escape (0.0.4)
    geocoder (1.1.8)
    gherkin (2.12.1)
      multi_json (~> 1.3)
    httpclient (2.3.4.1)
    ice_nine (0.11.0)
    json (1.8.0)
    method_source (0.8.2)
    mime-types (1.25)
    multi_json (1.7.9)
    multi_test (0.0.2)
    parslet (1.4.0)
      blankslate (~> 2.0)
    pry (0.9.12.4)
      coderay (~> 1.0)
      method_source (~> 0.8)
      slop (~> 3.4)
    rack (1.5.2)
    rack-protection (1.5.0)
      rack
    rest-client (1.6.7)
      mime-types (>= 1.16)
    retriable (1.3.3.1)
    rubyzip (0.9.9)
    run_loop (0.1.1)
      json
      thor
    sim_launcher (0.4.6)
      sinatra
    sinatra (1.4.3)
      rack (~> 1.4)
      rack-protection (~> 1.4)
      tilt (~> 1.3, >= 1.3.4)
    slop (3.4.7)
    slowhandcuke (0.0.3)
      cucumber
    thor (0.18.1)
    tilt (1.4.1)
    virtus (1.0.1)
      axiom-types (~> 0.0.5)
      coercible (~> 1.0)
      descendants_tracker (~> 0.0.1)
      equalizer (~> 0.0.7)
    xamarin-test-cloud (0.9.28)
      bundler (>= 1.3.0, < 2.0)
      json
      mime-types (< 2.0)
      rest-client (~> 1.6.7)
      retriable (~> 1.3.3.1)
      rubyzip (~> 0.9.9)
      thor (>= 0.18.1)

PLATFORMS
  ruby

DEPENDENCIES
  calabash-android
  calabash-cucumber
  pry
  virtus
